GEM
  remote: https://rubygems.org/
  specs:
    mini_portile (0.6.2)
    nokogiri (1.6.5)
      mini_portile (~> 0.6.0)

PLATFORMS
  ruby

DEPENDENCIES
  bundler (= 1.13.6)
  nokogiri (= 1.6.5)

RUBY VERSION
   ruby 2.3.1p112

BUNDLED WITH
   1.13.6
